GEM
  remote: https://rubygems.org/
  specs:
    anemone (0.7.2)
      nokogiri (>= 1.3.0)
      robotex (>= 1.0.0)
    coderay (1.0.9)
    method_source (0.8.1)
    mini_portile (0.5.0)
    mysql (2.9.1)
    nokogiri (1.6.0)
      mini_portile (~> 0.5.0)
    pry (0.9.12)
      coderay (~> 1.0.5)
      method_source (~> 0.8)
      slop (~> 3.4)
    robotex (1.0.0)
    slop (3.4.3)

PLATFORMS
  ruby

DEPENDENCIES
  anemone
  mysql
  pry
